GEM
  remote: https://rubygems.org/
  specs:
    coderay (1.1.0)
    method_source (0.8.2)
    pg (0.17.1)
    pry (0.9.12.6)
      coderay (~> 1.0)
      method_source (~> 0.8)
      slop (~> 3.4)
    rack (1.5.2)
    rack-protection (1.5.3)
      rack
    shotgun (0.9)
      rack (>= 1.0)
    sinatra (1.4.5)
      rack (~> 1.4)
      rack-protection (~> 1.4)
      tilt (~> 1.3, >= 1.3.4)
    slop (3.5.0)
    tilt (1.4.1)

PLATFORMS
  ruby

DEPENDENCIES
  pg
  pry
  shotgun
  sinatra
